GEM
  remote: https://rubygems.org/
  specs:
    actionmailer (2.3.18)
      actionpack (= 2.3.18)
    actionpack (2.3.18)
      activesupport (= 2.3.18)
      rack (~> 1.1.0)
    activemerchant (1.7.1)
      activesupport (>= 2.3.2)
      braintree (>= 2.0.0)
      builder (>= 2.0.0)
    activerecord (2.3.18)
      activesupport (= 2.3.18)
    activeresource (2.3.18)
      activesupport (= 2.3.18)
    activesupport (2.3.18)
    braintree (2.56.0)
      builder (>= 2.0.0)
    builder (3.2.2)
    calendar_date_select (1.16.4)
    crypt (1.1.4)
    hpricot (0.8.6)
    json (1.8.3)
    rack (1.1.6)
    rails (2.3.18)
      actionmailer (= 2.3.18)
      actionpack (= 2.3.18)
      activerecord (= 2.3.18)
      activeresource (= 2.3.18)
      activesupport (= 2.3.18)
      rake (>= 0.8.3)
    rake (10.4.2)
    rdoc (3.12)
      json (~> 1.4)
    rmagick (2.13.1)
    ruby-mysql (2.9.10)
    ruby-ole (1.2.11.8)
    spreadsheet (0.6.5.9)
      ruby-ole (>= 1.0)
    uuidtools (2.1.3)
    wicked_pdf (0.6.0)
    will_paginate (2.3.11)

PLATFORMS
  ruby

DEPENDENCIES
  activemerchant (= 1.7.1)
  calendar_date_select (= 1.16.4)
  crypt (= 1.1.4)
  hpricot (= 0.8.6)
  rails (= 2.3.18)
  rdoc (= 3.12)
  rmagick (= 2.13.1)
  ruby-mysql (= 2.9.10)
  spreadsheet (= 0.6.5.9)
  uuidtools (= 2.1.3)
  wicked_pdf (= 0.6.0)
  will_paginate (= 2.3.11)

BUNDLED WITH
   1.11.2
